PATH
  remote: .
  specs:
    digital_wallet (0.1.0)

GEM
  remote: https://rubygems.org/
  specs:
    minitest (5.25.1)
    rake (13.2.1)

PLATFORMS
  ruby

DEPENDENCIES
  bundler (~> 2.0)
  digital_wallet!
  minitest (~> 5.0)
  rake (~> 13.0)

BUNDLED WITH
   2.1.4
